ObjectType = Image
NDims = 3
BinaryData = True
BinaryDataByteOrderMSB = False
CompressedData = False
TransformMatrix = 1.0 0.0 0.0 0.0 1.0 0.0 0.0 0.0 1.0
Offset = 0.0 0.0 0.0
CenterOfRotation = 0.0 0.0 0.0
AnatomicalOrientation = RAI
ElementSpacing = 1.16 1.16 2.5
DimSize = 256 256 112
ElementType = MET_FLOAT
ElementDataFile = chest_ct.raw
